PATH
  remote: .
  specs:
    egd (0.1.0)
      pgn (~> 0.2.0)

GEM
  remote: https://rubygems.org/
  specs:
    coderay (1.1.2)
    diff-lcs (1.3)
    docile (1.1.5)
    json (2.1.0)
    method_source (0.9.0)
    pgn (0.2.0)
      whittle
    pry (0.11.2)
      coderay (~> 1.1.0)
      method_source (~> 0.9.0)
    rake (10.5.0)
    rspec (3.7.0)
      rspec-core (~> 3.7.0)
      rspec-expectations (~> 3.7.0)
      rspec-mocks (~> 3.7.0)
    rspec-core (3.7.0)
      rspec-support (~> 3.7.0)
    rspec-expectations (3.7.0)
      diff-lcs (>= 1.2.0, < 2.0)
      rspec-support (~> 3.7.0)
    rspec-mocks (3.7.0)
      diff-lcs (>= 1.2.0, < 2.0)
      rspec-support (~> 3.7.0)
    rspec-support (3.7.0)
    simplecov (0.15.1)
      docile (~> 1.1.0)
      json (>= 1.8, < 3)
      simplecov-html (~> 0.10.0)
    simplecov-html (0.10.2)
    whittle (0.0.8)

PLATFORMS
  ruby

DEPENDENCIES
  bundler (~> 1.16)
  egd!
  pry (~> 0.11.2)
  rake (~> 10.0)
  rspec (~> 3.6)
  simplecov (~> 0.15.1)

BUNDLED WITH
   1.16.0
